PATH
  remote: .
  specs:
    factor-connector-hipchat (0.0.2)
      factor-connector-api (~> 0.0.13)
      httparty (= 0.13.0)

GEM
  remote: https://rubygems.org/
  specs:
    celluloid (0.16.0)
      timers (~> 4.0.0)
    factor-connector-api (0.0.13)
      celluloid (~> 0.16.0)
    hitimes (1.2.2)
    httparty (0.13.0)
      json (~> 1.8)
      multi_xml (>= 0.5.2)
    json (1.8.1)
    multi_xml (0.5.5)
    timers (4.0.1)
      hitimes

PLATFORMS
  ruby

DEPENDENCIES
  factor-connector-hipchat!
